PATH
  remote: .
  specs:
    bsonrpc (0.0.1)
      activesupport (>= 3.0.0)
      bson

GEM
  remote: http://rubygems.org/
  specs:
    activesupport (3.0.7)
    awesome_print (1.0.2)
    bson (1.3.0)
    diff-lcs (1.1.2)
    rake (0.8.7)
    rspec (2.6.0)
      rspec-core (~> 2.6.0)
      rspec-expectations (~> 2.6.0)
      rspec-mocks (~> 2.6.0)
    rspec-core (2.6.3)
    rspec-expectations (2.6.0)
      diff-lcs (~> 1.1.2)
    rspec-mocks (2.6.0)

PLATFORMS
  ruby

DEPENDENCIES
  awesome_print
  bsonrpc!
  rake
  rspec (>= 2.6.0)
